GEM
  remote: http://rubygems.org/
  specs:
    diff-lcs (1.2.1)
    httparty (0.10.2)
      multi_json (~> 1.0)
      multi_xml (>= 0.5.2)
    json_spec (1.1.1)
      multi_json (~> 1.0)
      rspec (~> 2.0)
    multi_json (1.7.2)
    multi_xml (0.5.3)
    rspec (2.13.0)
      rspec-core (~> 2.13.0)
      rspec-expectations (~> 2.13.0)
      rspec-mocks (~> 2.13.0)
    rspec-core (2.13.1)
    rspec-expectations (2.13.0)
      diff-lcs (>= 1.1.3, < 2.0)
    rspec-mocks (2.13.0)

PLATFORMS
  ruby

DEPENDENCIES
  httparty
  json_spec
  rspec
